GEM
  remote: https://rubygems.org/
  specs:
    byebug (11.1.3)
    csv (3.2.1)
    nokogiri (1.12.5-x86_64-linux)
      racc (~> 1.4)
    racc (1.6.0)

PLATFORMS
  x86_64-linux

DEPENDENCIES
  byebug
  csv
  nokogiri

BUNDLED WITH
   2.2.22
